GEM
  specs:
    hike (1.2.3)
    json (1.8.1)
    multi_json (1.10.1)
    opal (0.6.3)
      source_map
      sprockets
    opt-simple (0.9.12)
    rack (1.6.0)
    source_map (3.0.1)
      json
    sprockets (2.12.3)
      hike (~> 1.2)
      multi_json (~> 1.0)
      rack (~> 1.0)
      tilt (~> 1.1, != 1.3.0)
    tilt (1.4.1)

PLATFORMS
  ruby

DEPENDENCIES
  opal
  opt-simple
